GEM
  remote: http://rubygems.org/
  specs:
    bson (1.2.2)
    bson_ext (1.2.2)
    crack (0.1.8)
    httparty (0.6.1)
      crack (= 0.1.8)
    json (1.4.6)
    mongo (1.2.2)
      bson (>= 1.2.2)
    rack (1.2.2)
    rack-test (0.5.7)
      rack (>= 1.0)
    rspec (1.2.0)
    sinatra (1.0)
      rack (>= 1.0)

PLATFORMS
  ruby

DEPENDENCIES
  bson (= 1.2.2)
  bson_ext (= 1.2.2)
  crack (= 0.1.8)
  httparty (= 0.6.1)
  json (= 1.4.6)
  mongo (= 1.2.2)
  rack (= 1.2.2)
  rack-test (= 0.5.7)
  rspec (= 1.2.0)
  sinatra (= 1.0.0)
